GEM
  remote: https://rubygems.org/
  specs:
    CFPropertyList (2.3.5)
    diff-lcs (1.3)
    facter (2.5.0)
      CFPropertyList (~> 2.2)
    hiera (1.3.4)
      json_pure
    json_pure (2.1.0)
    metaclass (0.0.4)
    mocha (1.2.1)
      metaclass (~> 0.0.1)
    puppet (3.8.1)
      facter (> 1.6, < 3)
      hiera (~> 1.0)
      json_pure
    puppet-lint (2.3.0)
    puppet-syntax (2.4.1)
      rake
    puppetlabs_spec_helper (2.3.1)
      mocha (~> 1.0)
      puppet-lint (~> 2.0)
      puppet-syntax (~> 2.0)
      rspec-puppet (~> 2.0)
    rake (12.0.0)
    rspec (3.6.0)
      rspec-core (~> 3.6.0)
      rspec-expectations (~> 3.6.0)
      rspec-mocks (~> 3.6.0)
    rspec-core (3.6.0)
      rspec-support (~> 3.6.0)
    rspec-expectations (3.6.0)
      diff-lcs (>= 1.2.0, < 2.0)
      rspec-support (~> 3.6.0)
    rspec-mocks (3.6.0)
      diff-lcs (>= 1.2.0, < 2.0)
      rspec-support (~> 3.6.0)
    rspec-puppet (2.6.6)
      rspec
    rspec-support (3.6.0)

PLATFORMS
  ruby

DEPENDENCIES
  puppet (= 3.8.1)
  puppet-lint
  puppetlabs_spec_helper
  rspec
  rspec-core
  rspec-puppet

BUNDLED WITH
   1.11.2
